GEM
  remote: https://rubygems.org/
  specs:
    go_script (0.1.6)
      bundler (~> 1.10)
      safe_yaml (~> 1.0)
    safe_yaml (1.0.4)

PLATFORMS
  ruby

DEPENDENCIES
  go_script

BUNDLED WITH
   1.11.2
